GEM
  remote: https://rubygems.org/
  specs:
    appium_console (1.0.0)
      appium_lib (>= 1.0.0)
      bond (~> 0.5.0)
      pry (~> 0.9.12.5)
      spec (>= 5.3.3)
    appium_lib (3.0.2)
      awesome_print (~> 1.2, >= 1.2.0)
      json (~> 1.8, >= 1.8.1)
      nokogiri (~> 1.6.1)
      selenium-webdriver (~> 2.41, >= 2.41.0)
      toml (~> 0.0, >= 0.0.4)
    awesome_print (1.2.0)
    blankslate (2.1.2.4)
    bond (0.5.1)
    childprocess (0.5.3)
      ffi (~> 1.0, >= 1.0.11)
    chronic_duration (0.10.4)
      numerizer (~> 0.1.1)
    coderay (1.1.0)
    ffi (1.9.3)
    flaky (0.1.1)
      chronic_duration (~> 0.10.2)
      posix-spawn (~> 0.3.6)
      toml (~> 0.1.1)
    json (1.8.1)
    method_source (0.8.2)
    mime-types (2.3)
    mini_portile (0.6.0)
    multi_json (1.10.1)
    nokogiri (1.6.2.1)
      mini_portile (= 0.6.0)
    numerizer (0.1.1)
    parslet (1.5.0)
      blankslate (~> 2.0)
    posix-spawn (0.3.8)
    pry (0.9.12.6)
      coderay (~> 1.0)
      method_source (~> 0.8)
      slop (~> 3.4)
    rake (10.3.2)
    rest-client (1.6.7)
      mime-types (>= 1.16)
    rubyzip (1.1.4)
    sauce_whisk (0.0.13)
      json (~> 1.8.1)
      rest-client (~> 1.6.7)
    selenium-webdriver (2.42.0)
      childprocess (>= 0.5.0)
      multi_json (~> 1.0)
      rubyzip (~> 1.0)
      websocket (~> 1.0.4)
    slop (3.5.0)
    spec (5.3.4)
      chronic_duration (~> 0.10.2)
    test_runner (0.9.37)
      appium_console (>= 0.5.9)
      appium_lib (>= 0.24.1)
      flaky (>= 0.0.31)
      spec (>= 5.3.3)
    toml (0.1.1)
      parslet (~> 1.5.0)
    websocket (1.0.7)

PLATFORMS
  ruby

DEPENDENCIES
  rake (>= 10.1.1)
  rest-client (>= 1.6.7)
  sauce_whisk (>= 0.0.13)
  test_runner (>= 0.9.37)
